GEM
  remote: https://rubygems.org/
  specs:
    byebug (11.1.3)
    mini_portile2 (2.4.0)
    nokogiri (1.10.10)
      mini_portile2 (~> 2.4.0)
    ox (2.13.4)

PLATFORMS
  ruby

DEPENDENCIES
  byebug
  nokogiri
  ox

BUNDLED WITH
   2.1.4
